GEM
  remote: https://rubygems.org/
  specs:
    bcrypt (3.1.12)

PLATFORMS
  ruby

DEPENDENCIES
  bcrypt (~> 3.1, >= 3.1.11)

BUNDLED WITH
   1.16.2
