GEM
  remote: https://rubygems.org/
  specs:
    bcrypt (3.1.12)
    jwt (2.1.0)

PLATFORMS
  ruby

DEPENDENCIES
  bcrypt (~> 3.1, >= 3.1.11)
  jwt

BUNDLED WITH
   1.16.2
